ObjectType = Image
NDims = 3
BinaryData = True
BinaryDataByteOrderMSB = False
CompressedData = False
TransformMatrix = 1 0 0 0 -1 0 0 0 -1
Offset = 194 144 105
CenterOfRotation = 0 0 0
AnatomicalOrientation = RPS
ElementSpacing = 5 5 5
DimSize = 78 58 42
ElementType = MET_SHORT
ElementDataFile = image_5_resampled.raw
